GEM
  remote: http://rubygems.org/
  specs:
    diff-lcs (1.1.3)
    insist (0.0.6)
    rspec (2.11.0)
      rspec-core (~> 2.11.0)
      rspec-expectations (~> 2.11.0)
      rspec-mocks (~> 2.11.0)
    rspec-core (2.11.1)
    rspec-expectations (2.11.2)
      diff-lcs (~> 1.1.3)
    rspec-mocks (2.11.2)
    stud (0.0.5)

PLATFORMS
  ruby

DEPENDENCIES
  insist
  rspec
  stud
